GEM
  remote: https://rubygems.org/
  specs:
    dotenv (1.0.2)

PLATFORMS
  ruby
  x86-mingw32

DEPENDENCIES
  dotenv
