GEM
  remote: https://rubygems.org/
  specs:
    dotenv (1.0.2)

PLATFORMS
  ruby

DEPENDENCIES
  dotenv
